GEM
  specs:
    whatlanguage (1.0.0)

PLATFORMS
  ruby

DEPENDENCIES
  whatlanguage
