GEM
  remote: https://rubygems.org/
  specs:
    rake (0.9.2.2)
    whatlanguage (1.0.0)

PLATFORMS
  ruby

DEPENDENCIES
  rake
  whatlanguage
